REDIRECTS: ON
NUGET
  remote: https://www.nuget.org/api/v2
    Castle.Core (3.3.3)
    Castle.Windsor (3.4) - framework: >= net45
      Castle.Core (>= 3.3 < 4.0)
    log4net (2.0.5) - framework: >= net461
    Microsoft.AspNet.Mvc (5.2.3) - framework: >= net45
      Microsoft.AspNet.Razor (>= 3.2.3 < 3.3)
      Microsoft.AspNet.WebPages (>= 3.2.3 < 3.3)
    Microsoft.AspNet.Razor (3.2.3) - framework: >= net45
    Microsoft.AspNet.WebApi (5.2.3) - framework: >= net45
      Microsoft.AspNet.WebApi.WebHost (>= 5.2.3 < 5.3)
    Microsoft.AspNet.WebApi.Client (5.2.3) - framework: >= net45
      Newtonsoft.Json (>= 6.0.4) - framework: >= net45, portable-wp80+win+wp81+wpa81
    Microsoft.AspNet.WebApi.Core (5.2.3) - framework: >= net45
      Microsoft.AspNet.WebApi.Client (>= 5.2.3)
    Microsoft.AspNet.WebApi.Owin (5.2.3) - framework: >= net45
      Microsoft.AspNet.WebApi.Core (>= 5.2.3 < 5.3)
      Microsoft.Owin (>= 2.0.2)
      Owin (>= 1.0)
    Microsoft.AspNet.WebApi.OwinSelfHost (5.2.3) - framework: >= net45
      Microsoft.AspNet.WebApi.Owin (>= 5.2.3 < 5.3)
      Microsoft.Owin.Host.HttpListener (>= 2.0.2)
      Microsoft.Owin.Hosting (>= 2.0.2)
    Microsoft.AspNet.WebApi.WebHost (5.2.3) - framework: >= net45
      Microsoft.AspNet.WebApi.Core (>= 5.2.3 < 5.3)
    Microsoft.AspNet.WebPages (3.2.3) - framework: >= net45
      Microsoft.AspNet.Razor (>= 3.2.3 < 3.3)
      Microsoft.Web.Infrastructure (>= 1.0)
    Microsoft.Bcl (1.1.10) - framework: >= net461
      Microsoft.Bcl.Build (>= 1.0.14)
    Microsoft.Bcl.Async (1.0.168) - framework: >= net461
      Microsoft.Bcl (>= 1.1.8)
    Microsoft.Bcl.Build (1.0.21) - import_targets: false, framework: >= net461
    Microsoft.CodeDom.Providers.DotNetCompilerPlatform (1.0.3) - framework: >= net461
      Microsoft.Net.Compilers (>= 1.3.2)
    Microsoft.Net.Compilers (1.3.2) - framework: >= net461
    Microsoft.Owin (3.0.1) - framework: >= net45
      Owin (>= 1.0)
    Microsoft.Owin.Host.HttpListener (3.0.1) - framework: >= net45
    Microsoft.Owin.Hosting (3.0.1) - framework: >= net45
      Microsoft.Owin (>= 3.0.1)
      Owin (>= 1.0)
    Microsoft.Owin.Testing (3.0.1) - framework: >= net45
      Microsoft.Owin.Hosting (>= 3.0.1)
      Owin (>= 1.0)
    Microsoft.Web.Infrastructure (1.0) - framework: >= net45
    Microsoft.Win32.Primitives (4.3) - framework: >= net463
    Moq (4.5.30) - framework: >= net461
      Castle.Core (>= 3.3.3) - framework: >= net45
    MSBuild.Microsoft.VisualStudio.Web.targets (14.0.0.3) - framework: >= net461
    Nancy (1.4.3) - framework: >= net461
    Nancy.Owin (1.4.1) - framework: >= net461
      Nancy (>= 1.4.1)
      Owin (>= 1.0)
    NETStandard.Library (1.6.1) - framework: >= net463
      Microsoft.Win32.Primitives (>= 4.3) - framework: >= net46, >= netstandard13
      System.AppContext (>= 4.3) - framework: >= net46, >= netstandard13
      System.Collections.Concurrent (>= 4.3) - framework: >= net45, >= netstandard11
      System.Console (>= 4.3) - framework: >= net46, >= netstandard13
      System.Diagnostics.Tracing (>= 4.3) - framework: >= net45, >= netstandard11
      System.Globalization.Calendars (>= 4.3) - framework: >= net46, >= netstandard13
      System.IO.Compression (>= 4.3) - framework: >= net45, >= netstandard11
      System.IO.Compression.ZipFile (>= 4.3) - framework: >= net46, >= netstandard13
      System.IO.FileSystem (>= 4.3) - framework: >= net46, >= netstandard13
      System.IO.FileSystem.Primitives (>= 4.3) - framework: >= net46, >= netstandard13
      System.Net.Http (>= 4.3) - framework: >= net45, >= netstandard11
      System.Net.Sockets (>= 4.3) - framework: >= net46, >= netstandard13
      System.Runtime.Handles (>= 4.3) - framework: >= net46, >= netstandard13
      System.Runtime.InteropServices (>= 4.3) - framework: >= net45, >= netstandard11
      System.Runtime.InteropServices.RuntimeInformation (>= 4.3) - framework: >= net45, >= netstandard11
      System.Runtime.Numerics (>= 4.3) - framework: >= net45, >= netstandard11
      System.Security.Cryptography.Algorithms (>= 4.3) - framework: >= net46, >= netstandard13
      System.Security.Cryptography.Encoding (>= 4.3) - framework: >= net46, >= netstandard13
      System.Security.Cryptography.Primitives (>= 4.3) - framework: >= net46, >= netstandard13
      System.Security.Cryptography.X509Certificates (>= 4.3) - framework: >= net46, >= netstandard13
      System.Threading.Timer (>= 4.3) - framework: >= net451, >= netstandard12
    Newtonsoft.Json (9.0.1) - framework: >= net45
    Nito.AsyncEx (4.0.1) - framework: >= net461
      Microsoft.Bcl (>= 1.1.10)
      Microsoft.Bcl.Async (>= 1.0.168)
      Microsoft.Bcl.Build (>= 1.0.21)
    NuGet.CommandLine (3.5)
    NUnit (3.6) - framework: >= net461
      NETStandard.Library (>= 1.6) - framework: >= net463, >= netstandard16
      System.Runtime.Loader (>= 4.0) - framework: >= net463, >= netstandard16
    Owin (1.0) - framework: >= net45
    System.AppContext (4.3) - framework: >= net463
    System.Collections.Concurrent (4.3) - framework: >= net463
    System.Console (4.3) - framework: >= net463
    System.Diagnostics.DiagnosticSource (4.3) - framework: >= net463
    System.Diagnostics.Tracing (4.3) - framework: >= net463
    System.Globalization.Calendars (4.3) - framework: >= net463
    System.IO (4.3) - framework: >= net463
    System.IO.Compression (4.3) - framework: >= net463
    System.IO.Compression.ZipFile (4.3) - framework: >= net463
    System.IO.FileSystem (4.3) - framework: >= net463
      System.IO.FileSystem.Primitives (>= 4.3) - framework: >= net46, >= netstandard13
    System.IO.FileSystem.Primitives (4.3) - framework: >= net463
    System.Net.Http (4.3) - framework: >= net463
      System.Diagnostics.DiagnosticSource (>= 4.3) - framework: >= net46, dnxcore50, netstandard13, >= netstandard16
      System.Security.Cryptography.X509Certificates (>= 4.3) - framework: >= net46, dnxcore50, netstandard13, >= netstandard16
    System.Net.Sockets (4.3) - framework: >= net463
    System.Runtime (4.3) - framework: >= net463
    System.Runtime.Handles (4.3) - framework: >= net463
    System.Runtime.InteropServices (4.3) - framework: >= net463
      System.Runtime (>= 4.3) - framework: net462, >= net463, dnxcore50, netstandard11, netstandard12, netstandard13, >= netstandard15
    System.Runtime.InteropServices.RuntimeInformation (4.3) - framework: >= net463
    System.Runtime.Loader (4.3) - framework: >= net463
    System.Runtime.Numerics (4.3) - framework: >= net463
    System.Security.Cryptography.Algorithms (4.3) - framework: >= net463
      System.IO (>= 4.3) - framework: >= net463, dnxcore50, netstandard13, netstandard14, >= netstandard16
      System.Runtime (>= 4.3) - framework: >= net463, dnxcore50, netstandard13, netstandard14, >= netstandard16
      System.Security.Cryptography.Encoding (>= 4.3) - framework: >= net463, dnxcore50, >= netstandard16
      System.Security.Cryptography.Primitives (>= 4.3) - framework: net46, net461, >= net463, dnxcore50, netstandard13, netstandard14, >= netstandard16
    System.Security.Cryptography.Encoding (4.3) - framework: >= net463
    System.Security.Cryptography.Primitives (4.3) - framework: >= net463
    System.Security.Cryptography.X509Certificates (4.3) - framework: >= net463
      System.Security.Cryptography.Algorithms (>= 4.3) - framework: net46, >= net461, dnxcore50, netstandard13, netstandard14, >= netstandard16
      System.Security.Cryptography.Encoding (>= 4.3) - framework: net46, >= net461, dnxcore50, netstandard13, netstandard14, >= netstandard16
    System.Threading.Timer (4.3) - framework: >= net463
