REDIRECTS: ON
NUGET
  remote: https://www.nuget.org/api/v2
    Castle.Core (3.3.3)
    Castle.Windsor (3.4) - restriction: >= net45
      Castle.Core (>= 3.3 < 4.0)
    log4net (2.0.5) - restriction: >= net461
    Microsoft.AspNet.Mvc (5.2.3) - restriction: >= net45
      Microsoft.AspNet.Razor (>= 3.2.3 < 3.3)
      Microsoft.AspNet.WebPages (>= 3.2.3 < 3.3)
    Microsoft.AspNet.Razor (3.2.3) - restriction: >= net45
    Microsoft.AspNet.WebApi (5.2.3) - restriction: >= net45
      Microsoft.AspNet.WebApi.WebHost (>= 5.2.3 < 5.3)
    Microsoft.AspNet.WebApi.Client (5.2.3) - restriction: >= net45
      Newtonsoft.Json (>= 6.0.4) - restriction: || (>= net45) (>= portable-win8+wp8+wp81+wpa81)
    Microsoft.AspNet.WebApi.Core (5.2.3) - restriction: >= net45
      Microsoft.AspNet.WebApi.Client (>= 5.2.3)
    Microsoft.AspNet.WebApi.Owin (5.2.3) - restriction: >= net45
      Microsoft.AspNet.WebApi.Core (>= 5.2.3 < 5.3)
      Microsoft.Owin (>= 2.0.2)
      Owin (>= 1.0)
    Microsoft.AspNet.WebApi.OwinSelfHost (5.2.3) - restriction: >= net45
      Microsoft.AspNet.WebApi.Owin (>= 5.2.3 < 5.3)
      Microsoft.Owin.Host.HttpListener (>= 2.0.2)
      Microsoft.Owin.Hosting (>= 2.0.2)
    Microsoft.AspNet.WebApi.WebHost (5.2.3) - restriction: >= net45
      Microsoft.AspNet.WebApi.Core (>= 5.2.3 < 5.3)
    Microsoft.AspNet.WebPages (3.2.3) - restriction: >= net45
      Microsoft.AspNet.Razor (>= 3.2.3 < 3.3)
      Microsoft.Web.Infrastructure (>= 1.0)
    Microsoft.CodeDom.Providers.DotNetCompilerPlatform (1.0.3) - restriction: >= net461
      Microsoft.Net.Compilers (>= 1.3.2)
    Microsoft.Net.Compilers (1.3.2) - restriction: >= net461
    Microsoft.Owin (3.0.1) - restriction: >= net45
      Owin (>= 1.0)
    Microsoft.Owin.Host.HttpListener (3.0.1) - restriction: >= net45
    Microsoft.Owin.Hosting (3.0.1) - restriction: >= net45
      Microsoft.Owin (>= 3.0.1)
      Owin (>= 1.0)
    Microsoft.Owin.Testing (3.0.1) - restriction: >= net45
      Microsoft.Owin.Hosting (>= 3.0.1)
      Owin (>= 1.0)
    Microsoft.Web.Infrastructure (1.0) - restriction: >= net45
    Microsoft.Win32.Primitives (4.3) - restriction: >= net463
    Moq (4.5.30) - restriction: >= net461
      Castle.Core (>= 3.3.3) - restriction: >= net45
    MSBuild.Microsoft.VisualStudio.Web.targets (14.0.0.3) - restriction: >= net461
    Nancy (1.4.3) - restriction: >= net461
    Nancy.Owin (1.4.1) - restriction: >= net461
      Nancy (>= 1.4.1)
      Owin (>= 1.0)
    NETStandard.Library (1.6.1) - restriction: >= net463
      Microsoft.Win32.Primitives (>= 4.3) - restriction: >= netstandard1.3
      System.AppContext (>= 4.3) - restriction: >= netstandard1.3
      System.Collections.Concurrent (>= 4.3) - restriction: >= netstandard1.1
      System.Console (>= 4.3) - restriction: >= netstandard1.3
      System.Diagnostics.Tracing (>= 4.3) - restriction: >= netstandard1.1
      System.Globalization.Calendars (>= 4.3) - restriction: >= netstandard1.3
      System.IO.Compression (>= 4.3) - restriction: >= netstandard1.1
      System.IO.Compression.ZipFile (>= 4.3) - restriction: >= netstandard1.3
      System.IO.FileSystem (>= 4.3) - restriction: >= netstandard1.3
      System.IO.FileSystem.Primitives (>= 4.3) - restriction: >= netstandard1.3
      System.Net.Http (>= 4.3) - restriction: >= netstandard1.1
      System.Net.Sockets (>= 4.3) - restriction: >= netstandard1.3
      System.Runtime.Handles (>= 4.3) - restriction: >= netstandard1.3
      System.Runtime.InteropServices (>= 4.3) - restriction: >= netstandard1.1
      System.Runtime.InteropServices.RuntimeInformation (>= 4.3) - restriction: >= netstandard1.1
      System.Runtime.Numerics (>= 4.3) - restriction: >= netstandard1.1
      System.Security.Cryptography.Algorithms (>= 4.3) - restriction: >= netstandard1.3
      System.Security.Cryptography.Encoding (>= 4.3) - restriction: >= netstandard1.3
      System.Security.Cryptography.Primitives (>= 4.3) - restriction: >= netstandard1.3
      System.Security.Cryptography.X509Certificates (>= 4.3) - restriction: >= netstandard1.3
      System.Threading.Timer (>= 4.3) - restriction: >= netstandard1.2
    Newtonsoft.Json (9.0.1) - restriction: >= net45
    NuGet.CommandLine (3.5) - restriction: >= net45
    NUnit (3.6) - restriction: >= net461
      NETStandard.Library (>= 1.6) - restriction: || (>= net463) (>= netstandard1.6)
      System.Runtime.Loader (>= 4.0) - restriction: || (>= net463) (>= netstandard1.6)
    Owin (1.0) - restriction: >= net45
    System.AppContext (4.3) - restriction: >= net463
    System.Collections.Concurrent (4.3) - restriction: >= net463
    System.Console (4.3) - restriction: >= net463
    System.Diagnostics.DiagnosticSource (4.3) - restriction: >= net463
    System.Diagnostics.Tracing (4.3) - restriction: >= net463
    System.Globalization.Calendars (4.3) - restriction: >= net463
    System.IO (4.3) - restriction: >= net463
    System.IO.Compression (4.3) - restriction: >= net463
    System.IO.Compression.ZipFile (4.3) - restriction: >= net463
    System.IO.FileSystem (4.3) - restriction: >= net463
      System.IO.FileSystem.Primitives (>= 4.3) - restriction: >= netstandard1.3
    System.IO.FileSystem.Primitives (4.3) - restriction: >= net463
    System.Net.Http (4.3) - restriction: >= net463
      System.Diagnostics.DiagnosticSource (>= 4.3) - restriction: || (== dnxcore50) (== netstandard1.3) (>= net46) (>= netstandard1.6)
      System.Security.Cryptography.X509Certificates (>= 4.3) - restriction: || (== dnxcore50) (== netstandard1.3) (>= net46) (>= netstandard1.6)
    System.Net.Sockets (4.3) - restriction: >= net463
    System.Runtime (4.3) - restriction: >= net463
    System.Runtime.Handles (4.3) - restriction: >= net463
    System.Runtime.InteropServices (4.3) - restriction: >= net463
      System.Runtime (>= 4.3) - restriction: || (== dnxcore50) (== netstandard1.1) (== netstandard1.2) (== netstandard1.3) (>= netstandard1.5)
    System.Runtime.InteropServices.RuntimeInformation (4.3) - restriction: >= net463
    System.Runtime.Loader (4.3) - restriction: >= net463
    System.Runtime.Numerics (4.3) - restriction: >= net463
    System.Security.Cryptography.Algorithms (4.3) - restriction: >= net463
      System.IO (>= 4.3) - restriction: || (== dnxcore50) (== netstandard1.3) (== netstandard1.4) (>= net463) (>= netstandard1.6)
      System.Runtime (>= 4.3) - restriction: || (== dnxcore50) (== netstandard1.3) (== netstandard1.4) (>= net463) (>= netstandard1.6)
      System.Security.Cryptography.Encoding (>= 4.3) - restriction: || (== dnxcore50) (>= net463) (>= netstandard1.6)
      System.Security.Cryptography.Primitives (>= 4.3) - restriction: || (== net46) (== net461) (== dnxcore50) (== netstandard1.3) (== netstandard1.4) (>= net463) (>= netstandard1.6)
    System.Security.Cryptography.Encoding (4.3) - restriction: >= net463
    System.Security.Cryptography.Primitives (4.3) - restriction: >= net463
    System.Security.Cryptography.X509Certificates (4.3) - restriction: >= net463
      System.Security.Cryptography.Algorithms (>= 4.3) - restriction: || (== net46) (== dnxcore50) (== netstandard1.3) (== netstandard1.4) (>= net461) (>= netstandard1.6)
      System.Security.Cryptography.Encoding (>= 4.3) - restriction: || (== net46) (== dnxcore50) (== netstandard1.3) (== netstandard1.4) (>= net461) (>= netstandard1.6)
    System.Threading.Timer (4.3) - restriction: >= net463
