REDIRECTS: ON
FRAMEWORK: NET461
NUGET
  remote: https://www.nuget.org/api/v2
    Antlr (3.5.0.2)
    Antlr3.Runtime (3.5.1)
    bootstrap (3.3.7)
      jQuery (>= 1.9.1 < 4.0)
    Castle.Core (3.3.3)
    Castle.Windsor (3.4)
      Castle.Core (>= 3.3 < 4.0)
    FAKE (4.57.4)
    jQuery (3.1.1)
    jQuery.Validation (1.16)
      jQuery (>= 1.4.4)
    log4net (2.0.8)
    Microsoft.ApplicationInsights (2.2)
    Microsoft.ApplicationInsights.Agent.Intercept (2.0.7)
    Microsoft.ApplicationInsights.DependencyCollector (2.2)
      Microsoft.ApplicationInsights (2.2)
      Microsoft.ApplicationInsights.Agent.Intercept (>= 2.0.6)
    Microsoft.ApplicationInsights.PerfCounterCollector (2.2)
      Microsoft.ApplicationInsights (2.2)
    Microsoft.ApplicationInsights.Web (2.2)
      Microsoft.ApplicationInsights (2.2)
      Microsoft.ApplicationInsights.WindowsServer (>= 2.2)
    Microsoft.ApplicationInsights.WindowsServer (2.2)
      Microsoft.ApplicationInsights (2.2)
      Microsoft.ApplicationInsights.DependencyCollector (>= 2.2)
      Microsoft.ApplicationInsights.PerfCounterCollector (>= 2.2)
      Microsoft.ApplicationInsights.WindowsServer.TelemetryChannel (2.2)
    Microsoft.ApplicationInsights.WindowsServer.TelemetryChannel (2.2)
      Microsoft.ApplicationInsights (2.2)
    Microsoft.AspNet.Mvc (5.2.3)
      Microsoft.AspNet.Razor (>= 3.2.3 < 3.3)
      Microsoft.AspNet.WebPages (>= 3.2.3 < 3.3)
    Microsoft.AspNet.Razor (3.2.3)
    Microsoft.AspNet.Web.Optimization (1.1.3)
      Microsoft.Web.Infrastructure (>= 1.0)
      WebGrease (>= 1.5.2)
    Microsoft.AspNet.WebApi (5.2.3)
      Microsoft.AspNet.WebApi.WebHost (>= 5.2.3 < 5.3)
    Microsoft.AspNet.WebApi.Client (5.2.3)
      Newtonsoft.Json (>= 6.0.4)
    Microsoft.AspNet.WebApi.Core (5.2.3)
      Microsoft.AspNet.WebApi.Client (>= 5.2.3)
    Microsoft.AspNet.WebApi.Owin (5.2.3)
      Microsoft.AspNet.WebApi.Core (>= 5.2.3 < 5.3)
      Microsoft.Owin (>= 2.0.2)
      Owin (>= 1.0)
    Microsoft.AspNet.WebApi.OwinSelfHost (5.2.3)
      Microsoft.AspNet.WebApi.Owin (>= 5.2.3 < 5.3)
      Microsoft.Owin.Host.HttpListener (>= 2.0.2)
      Microsoft.Owin.Hosting (>= 2.0.2)
    Microsoft.AspNet.WebApi.WebHost (5.2.3)
      Microsoft.AspNet.WebApi.Core (>= 5.2.3 < 5.3)
    Microsoft.AspNet.WebPages (3.2.3)
      Microsoft.AspNet.Razor (>= 3.2.3 < 3.3)
      Microsoft.Web.Infrastructure (>= 1.0)
    Microsoft.CodeDom.Providers.DotNetCompilerPlatform (1.0.3)
      Microsoft.Net.Compilers (>= 1.3.2)
    Microsoft.jQuery.Unobtrusive.Validation (3.2.3)
      jQuery (>= 1.8)
      jQuery.Validation (>= 1.8.0.1)
    Microsoft.Net.Compilers (2.0.1)
    Microsoft.Owin (3.0.1)
      Owin (>= 1.0)
    Microsoft.Owin.Host.HttpListener (3.0.1)
    Microsoft.Owin.Hosting (3.0.1)
      Microsoft.Owin (>= 3.0.1)
      Owin (>= 1.0)
    Microsoft.Owin.Testing (3.0.1)
      Microsoft.Owin.Hosting (>= 3.0.1)
      Owin (>= 1.0)
    Microsoft.Web.Infrastructure (1.0)
    Modernizr (2.8.3)
    Moq (4.5.30)
      Castle.Core (>= 3.3.3)
    MSBuild.Microsoft.VisualStudio.Web.targets (14.0.0.3)
    Nancy (1.4.3)
    Nancy.Owin (1.4.1)
      Nancy (>= 1.4.1)
      Owin (>= 1.0)
    Newtonsoft.Json (10.0.2)
    NuGet.CommandLine (3.5)
    NUnit (3.6.1)
    Owin (1.0)
    Respond (1.4.2)
    WebGrease (1.6)
      Antlr (>= 3.4.1.9004)
      Newtonsoft.Json (>= 5.0.4)
