REDIRECTS: ON
NUGET
  remote: https://www.nuget.org/api/v2
    Castle.Core (4.1.1) - restriction: >= net45
    Castle.Windsor (4.0) - restriction: >= net45
      Castle.Core (>= 4.0) - restriction: || (>= net45) (>= netstandard1.6)
    log4net (2.0.8) - restriction: >= net461
    Microsoft.AspNet.Mvc (5.2.3) - restriction: >= net45
      Microsoft.AspNet.Razor (>= 3.2.3 < 3.3)
      Microsoft.AspNet.WebPages (>= 3.2.3 < 3.3)
    Microsoft.AspNet.Razor (3.2.3) - restriction: >= net45
    Microsoft.AspNet.WebApi (5.2.3) - restriction: >= net45
      Microsoft.AspNet.WebApi.WebHost (>= 5.2.3 < 5.3)
    Microsoft.AspNet.WebApi.Client (5.2.3) - restriction: >= net45
      Newtonsoft.Json (>= 6.0.4) - restriction: >= portable-net45+win8+wp8+wp81+wpa81
    Microsoft.AspNet.WebApi.Core (5.2.3) - restriction: >= net45
      Microsoft.AspNet.WebApi.Client (>= 5.2.3)
    Microsoft.AspNet.WebApi.Owin (5.2.3) - restriction: >= net45
      Microsoft.AspNet.WebApi.Core (>= 5.2.3 < 5.3)
      Microsoft.Owin (>= 2.0.2)
      Owin (>= 1.0)
    Microsoft.AspNet.WebApi.OwinSelfHost (5.2.3) - restriction: >= net45
      Microsoft.AspNet.WebApi.Owin (>= 5.2.3 < 5.3)
      Microsoft.Owin.Host.HttpListener (>= 2.0.2)
      Microsoft.Owin.Hosting (>= 2.0.2)
    Microsoft.AspNet.WebApi.WebHost (5.2.3) - restriction: >= net45
      Microsoft.AspNet.WebApi.Core (>= 5.2.3 < 5.3)
    Microsoft.AspNet.WebPages (3.2.3) - restriction: >= net45
      Microsoft.AspNet.Razor (>= 3.2.3 < 3.3)
      Microsoft.Web.Infrastructure (>= 1.0)
    Microsoft.CodeDom.Providers.DotNetCompilerPlatform (1.0.3) - restriction: >= net461
      Microsoft.Net.Compilers (>= 1.3.2)
    Microsoft.Net.Compilers (1.3.2) - restriction: >= net461
    Microsoft.Owin (3.1) - restriction: >= net45
      Owin (>= 1.0)
    Microsoft.Owin.Host.HttpListener (3.1) - restriction: >= net45
    Microsoft.Owin.Hosting (3.1) - restriction: >= net45
      Microsoft.Owin (>= 3.1)
      Owin (>= 1.0)
    Microsoft.Owin.Testing (3.1) - restriction: >= net45
      Microsoft.Owin.Hosting (>= 3.1)
      Owin (>= 1.0)
    Microsoft.Web.Infrastructure (1.0) - restriction: >= net45
    Moq (4.7.99) - restriction: >= net461
      Castle.Core (>= 4.1.1) - restriction: || (>= net45) (>= netstandard1.3)
    MSBuild.Microsoft.VisualStudio.Web.targets (14.0.0.3) - restriction: >= net461
    Nancy (1.4.4) - restriction: >= net45
    Nancy.Owin (1.4.1) - restriction: >= net45
      Nancy (>= 1.4.1)
      Owin (>= 1.0)
    Newtonsoft.Json (10.0.3) - restriction: >= net461
    NuGet.CommandLine (4.3) - restriction: >= net45
    NUnit (3.8.1) - restriction: >= net461
    Owin (1.0) - restriction: >= net45
